GEM
  remote: http://rubygems.org/
  specs:
    actionmailer (2.3.11)
      actionpack (= 2.3.11)
    actionpack (2.3.11)
      activesupport (= 2.3.11)
      rack (~> 1.1.0)
    activerecord (2.3.11)
      activesupport (= 2.3.11)
    activeresource (2.3.11)
      activesupport (= 2.3.11)
    activesupport (2.3.11)
    addressable (2.2.6)
    builder (3.0.0)
    heroku (2.19.1)
      launchy (>= 0.3.2)
      rest-client (~> 1.6.1)
      rubyzip
      term-ansicolor (~> 1.0.5)
    hoptoad_notifier (2.4.11)
      activesupport
      builder
    launchy (2.0.5)
      addressable (~> 2.2.6)
    mime-types (1.17.2)
    nokogiri (1.5.2)
    pg (0.12.2)
    rack (1.1.3)
    rails (2.3.11)
      actionmailer (= 2.3.11)
      actionpack (= 2.3.11)
      activerecord (= 2.3.11)
      activeresource (= 2.3.11)
      activesupport (= 2.3.11)
      rake (>= 0.8.3)
    rake (0.9.2.2)
    rest-client (1.6.7)
      mime-types (>= 1.16)
    rubyzip (0.9.5)
    term-ansicolor (1.0.7)

PLATFORMS
  ruby

DEPENDENCIES
  heroku
  hoptoad_notifier
  nokogiri
  pg
  rails (= 2.3.11)
